GEM
  remote: https://rubygems.org/
  specs:
    csv (3.2.8)
    diff-lcs (1.5.1)
    mini_portile2 (2.8.5)
    rake (13.1.0)
    rspec (3.13.0)
      rspec-core (~> 3.13.0)
      rspec-expectations (~> 3.13.0)
      rspec-mocks (~> 3.13.0)
    rspec-core (3.13.0)
      rspec-support (~> 3.13.0)
    rspec-expectations (3.13.0)
      diff-lcs (>= 1.2.0, < 2.0)
      rspec-support (~> 3.13.0)
    rspec-mocks (3.13.0)
      diff-lcs (>= 1.2.0, < 2.0)
      rspec-support (~> 3.13.0)
    rspec-support (3.13.1)
    sqlite3 (1.7.2)
      mini_portile2 (~> 2.8.0)
    sqlite3 (1.7.2-arm64-darwin)

PLATFORMS
  arm64-darwin-22
  ruby

DEPENDENCIES
  csv
  rake
  rspec (~> 3.13)
  sqlite3 (~> 1.7, >= 1.7.2)

BUNDLED WITH
   2.5.6
